GIT
  remote: git://github.com/guilleiguaran/nancy.git
  revision: b3d9e74edee49298a17f360a4567d90c63ad0c55
  specs:
    nancy (0.4.0)
      rack

GIT
  remote: git://github.com/ko1/debugger2.git
  revision: 868f94f8b67e13f3cd3921be15168dcebf2e7019
  specs:
    debugger2 (1.0.0.beta2)
      columnize (>= 0.3.1)
      debugger-linecache (~> 1.2.0)

GEM
  remote: https://rubygems.org/
  specs:
    columnize (0.8.9)
    debugger-linecache (1.2.0)
    metaclass (0.0.4)
    mini_portile (0.5.3)
    minitest (5.3.2)
    mocha (1.0.0)
      metaclass (~> 0.0.1)
    nokogiri (1.6.1)
      mini_portile (~> 0.5.0)
    puma (2.8.2)
      rack (>= 1.1, < 2.0)
    rack (1.5.2)
    rack-test (0.6.2)
      rack (>= 1.0)
    requests (0.0.6)
    yajl-ruby (1.2.0)

PLATFORMS
  ruby

DEPENDENCIES
  debugger2!
  minitest
  mocha
  nancy!
  nokogiri
  puma
  rack-test
  requests
  yajl-ruby
